GEM
  remote: https://rubygems.org/
  specs:
    crowi-client (0.1.0)

PLATFORMS
  ruby

DEPENDENCIES
  crowi-client

BUNDLED WITH
   1.16.1
