GEM
  remote: https://rubygems.org/
  specs:
    crowi-client (0.1.1)
      easy_settings (~> 0.1)
      json (~> 2.1)
      rest-client (~> 2.0)
    domain_name (0.5.20180417)
      unf (>= 0.0.5, < 1.0.0)
    easy_settings (0.1.2)
      hashie (~> 3.4.3)
    hashie (3.4.6)
    http-cookie (1.0.3)
      domain_name (~> 0.5)
    json (2.1.0)
    mime-types (3.1)
      mime-types-data (~> 3.2015)
    mime-types-data (3.2016.0521)
    netrc (0.11.0)
    rest-client (2.0.2)
      http-cookie (>= 1.0.2, < 2.0)
      mime-types (>= 1.16, < 4.0)
      netrc (~> 0.8)
    unf (0.1.4)
      unf_ext
    unf_ext (0.0.7.5)

PLATFORMS
  ruby

DEPENDENCIES
  crowi-client

BUNDLED WITH
   1.16.1
